PATH
  remote: .
  specs:
    artifice-passthru (0.1.1)
      artifice

GEM
  remote: http://rubygems.org/
  specs:
    artifice (0.6)
      rack-test
    minitest (2.5.0)
    rack (1.3.2)
    rack-test (0.6.1)
      rack (>= 1.0)
    rake (0.9.2)

PLATFORMS
  ruby

DEPENDENCIES
  artifice-passthru!
  minitest
  rack
  rake
