GEM
  remote: http://rubygems.org/
  specs:
    artifice (0.6)
      rack-test
    minitest (2.3.1)
    rack (1.3.0)
    rack-test (0.6.0)
      rack (>= 1.0)

PLATFORMS
  ruby

DEPENDENCIES
  artifice
  minitest
  rack
